PATH
  remote: .
  specs:
    rack-combobot (0.0.2)
      rack
      rake

GEM
  remote: http://rubygems.org/
  specs:
    ffi (1.0.11)
    guard (0.10.0)
      ffi (>= 0.5.0)
      thor (~> 0.14.6)
    guard-minitest (0.4.0)
      guard (~> 0.4)
    minitest (2.10.0)
    rack (1.4.0)
    rack-test (0.6.1)
      rack (>= 1.0)
    rake (0.9.2.2)
    thor (0.14.6)

PLATFORMS
  ruby

DEPENDENCIES
  guard
  guard-minitest
  minitest
  rack-combobot!
  rack-test
