PATH
  remote: .
  specs:
    rack-combobot (0.0.1)
      rack
      rake

GEM
  remote: http://rubygems.org/
  specs:
    guard (0.7.0)
      thor (~> 0.14.6)
    guard-minitest (0.4.0)
      guard (~> 0.4)
    minitest (2.6.0)
    rack (1.3.0)
    rack-test (0.5.7)
      rack (>= 1.0)
    rake (0.9.2.2)
    thor (0.14.6)

PLATFORMS
  ruby

DEPENDENCIES
  guard
  guard-minitest
  minitest
  rack-combobot!
  rack-test
